GEM
  remote: https://rubygems.org/
  specs:
    hash_dot (2.1.0)
    mustermann (1.0.0)
    rack (2.0.3)
    rack-protection (2.0.0)
      rack
    ruby (0.1.0)
    sinatra (2.0.0)
      mustermann (~> 1.0)
      rack (~> 2.0)
      rack-protection (= 2.0.0)
      tilt (~> 2.0)
    tilt (2.0.8)

PLATFORMS
  ruby

DEPENDENCIES
  hash_dot
  ruby
  sinatra

BUNDLED WITH
   1.15.3
